PATH
  remote: .
  specs:
    ruby_version (1.0.1)

GEM
  remote: https://rubygems.org/
  specs:
    diff-lcs (1.2.5)
    json (1.8.1)
    rake (10.1.1)
    rdoc (3.12.2)
      json (~> 1.4)
    rspec (2.14.1)
      rspec-core (~> 2.14.0)
      rspec-expectations (~> 2.14.0)
      rspec-mocks (~> 2.14.0)
    rspec-core (2.14.7)
    rspec-expectations (2.14.4)
      diff-lcs (>= 1.1.3, < 2.0)
    rspec-mocks (2.14.4)
    rubygems-tasks (0.2.4)
    rubysl-date (2.0.6)
    rubysl-singleton (2.0.0)

PLATFORMS
  ruby

DEPENDENCIES
  bundler (~> 1.0)
  rake (~> 10.1)
  rdoc (~> 3.0)
  rspec (~> 2.4)
  ruby_version!
  rubygems-tasks (~> 0.2)
  rubysl-date
  rubysl-singleton
